PATH
  remote: .
  specs:
    garb (0.9.7)
      activesupport (>= 2.2)

GEM
  remote: http://rubygems.org/
  specs:
    activesupport (3.2.8)
      i18n (~> 0.6)
    i18n (0.6.1)
    jferris-mocha (0.9.8.20100526112143)
      rake
    minitest (3.3.0)
    rake (0.9.2.2)
    shoulda (3.1.1)
      shoulda-context (~> 1.0)
      shoulda-matchers (~> 1.2)
    shoulda-context (1.0.0)
    shoulda-matchers (1.3.0)
      activesupport (>= 3.0.0)
    simplecov (0.6.4)
      simplecov-html (~> 0.5.3)
    simplecov-html (0.5.3)
    yajl-ruby (1.1.0)

PLATFORMS
  ruby

DEPENDENCIES
  garb!
  jferris-mocha
  minitest
  rake
  shoulda
  shoulda-context
  simplecov
  yajl-ruby
